GEM
  specs:
    multi_json (1.7.7)

PLATFORMS
  java

DEPENDENCIES
  multi_json
